PATH
  remote: .
  specs:
    evie (0.1)
      bundler (= 1.13.7)
      collins-cli (= 0.2.10)
      deep_merge (= 1.1.1)
      puma (= 3.6.2)
      rake (= 12.0.0)
      sinatra (= 1.4.7)

GEM
  remote: https://rubygems.org/
  specs:
    collins-cli (0.2.10)
      collins_auth (~> 0.1.2)
      collins_client (~> 0.2.18)
      colorize (~> 0.7.3)
    collins_auth (0.1.2)
      collins_client
      highline
    collins_client (0.2.19)
      httparty (~> 0.11.0)
    colorize (0.7.7)
    deep_merge (1.1.1)
    diff-lcs (1.3)
    highline (1.7.8)
    httparty (0.11.0)
      multi_json (~> 1.0)
      multi_xml (>= 0.5.2)
    multi_json (1.12.1)
    multi_xml (0.6.0)
    puma (3.6.2)
    rack (1.6.8)
    rack-protection (1.5.3)
      rack
    rake (12.0.0)
    rspec (3.6.0)
      rspec-core (~> 3.6.0)
      rspec-expectations (~> 3.6.0)
      rspec-mocks (~> 3.6.0)
    rspec-core (3.6.0)
      rspec-support (~> 3.6.0)
    rspec-expectations (3.6.0)
      diff-lcs (>= 1.2.0, < 2.0)
      rspec-support (~> 3.6.0)
    rspec-mocks (3.6.0)
      diff-lcs (>= 1.2.0, < 2.0)
      rspec-support (~> 3.6.0)
    rspec-support (3.6.0)
    sinatra (1.4.7)
      rack (~> 1.5)
      rack-protection (~> 1.4)
      tilt (>= 1.3, < 3)
    tilt (2.0.7)

PLATFORMS
  ruby

DEPENDENCIES
  evie!
  rspec (>= 2.0.0)

BUNDLED WITH
   1.13.7
